PATH
  remote: .
  specs:
    minitest-metadata (0.1.0)
      minitest (>= 2.12)

GEM
  remote: http://rubygems.org/
  specs:
    minitest (2.12.0)
    rake (0.9.2.2)

PLATFORMS
  ruby

DEPENDENCIES
  minitest-metadata!
  rake
